GEM
  remote: http://rubygems.org/
  specs:
    diff-lcs (1.1.2)
    haml (3.0.12)
    oyster (0.9.4)
    packr (3.1.0)
      oyster
    rack (1.2.1)
    rack-test (0.5.4)
      rack (>= 1.0)
    rainpress (1.0)
    rcov (0.9.9)
    rspec (2.2.0)
      rspec-core (~> 2.2)
      rspec-expectations (~> 2.2)
      rspec-mocks (~> 2.2)
    rspec-core (2.2.1)
    rspec-expectations (2.2.0)
      diff-lcs (~> 1.1.2)
    rspec-mocks (2.2.0)
    sinatra (1.0)
      rack (>= 1.0)
    sinatra-bundles (0.4.0)
      packr
      rack (>= 1.0)
      rainpress
      sinatra (>= 1.0)

PLATFORMS
  ruby

DEPENDENCIES
  haml (= 3.0.12)
  rack-test
  rcov
  rspec (>= 2.0)
  sinatra (= 1.0)
  sinatra-bundles
