GEM
  remote: http://rubygems.org/
  specs:
    RedCloth (4.2.3)
    haml (3.0.12)
    hoe (2.7.0)
      rake (>= 0.8.7)
      rubyforge (>= 2.0.4)
    json_pure (1.4.6)
    rack (1.2.1)
    rack-test (0.5.4)
      rack (>= 1.0)
    rake (0.8.7)
    rspec (1.3.0)
    rubyforge (2.0.4)
      json_pure (>= 1.1.7)
    sinatra (1.0)
      rack (>= 1.0)
    test-unit (1.2.3)
      hoe (>= 1.5.1)

PLATFORMS
  ruby

DEPENDENCIES
  RedCloth (= 4.2.3)
  haml (= 3.0.12)
  rack-test (= 0.5.4)
  rspec (= 1.3.0)
  sinatra (= 1.0)
  test-unit (= 1.2.3)
