GEM
  remote: http://rubygems.org/
  specs:
    haml (3.0.12)
    hoe (2.7.0)
      rake (>= 0.8.7)
      rubyforge (>= 2.0.4)
    json_pure (1.4.6)
    oyster (0.9.4)
    packr (3.1.0)
      oyster
    rack (1.2.1)
    rack-test (0.5.4)
      rack (>= 1.0)
    rainpress (1.0)
    rake (0.8.7)
    rcov (0.9.9)
    rspec (1.3.0)
    rubyforge (2.0.4)
      json_pure (>= 1.1.7)
    sinatra (1.0)
      rack (>= 1.0)
    sinatra-bundles (0.4.0)
      packr
      rack (>= 1.0)
      rainpress
      sinatra (>= 1.0)
    test-unit (1.2.3)
      hoe (>= 1.5.1)

PLATFORMS
  ruby

DEPENDENCIES
  haml (= 3.0.12)
  rack-test (= 0.5.4)
  rcov
  rspec (= 1.3.0)
  sinatra (= 1.0)
  sinatra-bundles
  test-unit (= 1.2.3)
