GEM
  remote: http://rubygems.org/
  specs:
    RedCloth (4.2.3)
    haml (3.0.12)
    rack (1.2.1)
    rack-test (0.5.4)
      rack (>= 1.0)
    rspec (1.3.0)
    sinatra (1.0)
      rack (>= 1.0)

PLATFORMS
  ruby

DEPENDENCIES
  RedCloth (= 4.2.3)
  haml (= 3.0.12)
  rack-test (= 0.5.4)
  rspec (= 1.3.0)
  sinatra (= 1.0)
